GIT
  remote: git://github.com/ruby-ldap/ruby-net-ldap.git
  revision: 8a182675f4f777fa15bdffab64ead773e034b7d0
  branch: master
  specs:
    net-ldap (0.4.0)

GEM
  remote: https://rubygems.org/
  specs:
    pg (0.15.1)
    sequel (4.0.0)

PLATFORMS
  ruby

DEPENDENCIES
  net-ldap!
  pg
  sequel
